PATH
  remote: .
  specs:
    byteflowsdk (1.0.3)
      faraday (>= 0.9, < 3.0)
      faraday-retry (>= 0.9, < 3.0)
      nanoid (= 2.0.0)

GEM
  remote: https://rubygems.org/
  specs:
    faraday (2.7.10)
      faraday-net_http (>= 2.0, < 3.1)
      ruby2_keywords (>= 0.0.4)
    faraday-net_http (3.0.2)
    faraday-retry (2.2.0)
      faraday (~> 2.0)
    nanoid (2.0.0)
    ruby2_keywords (0.0.5)

PLATFORMS
  arm64-darwin-22

DEPENDENCIES
  byteflowsdk!

BUNDLED WITH
   2.4.10
